PATH
  remote: .
  specs:
    DailyWord (0.1.0)

GEM
  remote: https://rubygems.org/
  specs:
    coderay (1.1.2)
      manpages (~> 0.6.1)
      optimist (~> 3.0.0)
      paint (~> 2.0.0)
    manpages (0.6.1)
    method_source (0.9.2)
    mini_portile2 (2.8.0)
    nokogiri (1.13.4)
      mini_portile2 (~> 2.8.0)
      racc (~> 1.4)
    optimist (3.0.0)
    paint (2.0.3)
    pry (0.12.2)
      coderay (~> 1.1.0)
      method_source (~> 0.9.0)
    racc (1.6.0)
    rake (10.5.0)

PLATFORMS
  ruby

DEPENDENCIES
  DailyWord!
  bundler (~> 2.0)
  nokogiri
  pry
  rake (~> 10.0)

BUNDLED WITH
   2.0.1
